GEM
  remote: https://rubygems.org/
  specs:
    backports (3.6.3)
    coffee-script (2.3.0)
      coffee-script-source
      execjs
    coffee-script-source (1.8.0)
    eventmachine (1.0.3)
    execjs (2.2.2)
    faye-websocket (0.8.0)
      eventmachine (>= 0.12.0)
      websocket-driver (>= 0.4.0)
    haml (4.0.5)
      tilt
    jsmin (1.0.1)
    multi_json (1.10.1)
    nfc (3.1.1)
    puma (2.9.2)
      rack (>= 1.1, < 2.0)
    rack (1.5.2)
    rack-protection (1.5.3)
      rack
    rack-test (0.6.2)
      rack (>= 1.0)
    sass (3.2.19)
    sinatra (1.4.5)
      rack (~> 1.4)
      rack-protection (~> 1.4)
      tilt (~> 1.3, >= 1.3.4)
    sinatra-assetpack (0.3.3)
      jsmin
      rack-test
      sinatra
      tilt (>= 1.3.0, < 2.0)
    sinatra-contrib (1.4.2)
      backports (>= 2.0)
      multi_json
      rack-protection
      rack-test
      sinatra (~> 1.4.0)
      tilt (~> 1.3)
    sinatra-reloader (1.0)
      sinatra-contrib
    tilt (1.4.1)
    websocket-driver (0.4.0)

PLATFORMS
  ruby

DEPENDENCIES
  coffee-script
  faye-websocket
  haml
  nfc
  puma
  sass
  sinatra
  sinatra-assetpack
  sinatra-reloader
